GEM
  remote: https://rubygems.org/
  specs:
    addressable (2.8.7)
      public_suffix (>= 2.0.2, < 7.0)
    ansi (1.5.0)
    bigdecimal (3.1.8)
    builder (3.3.0)
    crack (1.0.0)
      bigdecimal
      rexml
    hashdiff (1.1.1)
    logger (1.5.3)
    minitest (5.16.3)
    minitest-reporters (1.7.1)
      ansi
      builder
      minitest (>= 5.0)
      ruby-progressbar
    public_suffix (6.0.1)
    rbs (3.5.3)
      logger
    rexml (3.3.8)
    ruby-progressbar (1.13.0)
    webmock (3.24.0)
      addressable (>= 2.8.0)
      crack (>= 0.3.2)
      hashdiff (>= 0.4.0, < 2.0.0)

PLATFORMS
  x64-mingw-ucrt

DEPENDENCIES
  minitest
  minitest-reporters (~> 1.7)
  rbs
  webmock (~> 3.24)

BUNDLED WITH
   2.4.19
