GEM
  remote: https://rubygems.org/
  specs:
    ansi (1.5.0)
    builder (3.3.0)
    logger (1.5.3)
    minitest (5.16.3)
    minitest-reporters (1.7.1)
      ansi
      builder
      minitest (>= 5.0)
      ruby-progressbar
    rbs (3.5.3)
      logger
    ruby-progressbar (1.13.0)

PLATFORMS
  x64-mingw-ucrt

DEPENDENCIES
  minitest
  minitest-reporters (~> 1.7)
  rbs

BUNDLED WITH
   2.4.19
